GEM
  remote: https://rubygems.org/
  specs:
    addressable (2.5.2)
      public_suffix (>= 2.0.2, < 4.0)
    byebug (10.0.2)
    coderay (1.1.2)
    commonmarker (0.18.2)
      ruby-enum (~> 0.5)
    concurrent-ruby (1.1.3)
    daemons (1.2.6)
    em-websocket (0.3.8)
      addressable (>= 2.1.1)
      eventmachine (>= 0.12.9)
    eventmachine (1.2.7)
    fidget (0.0.6)
      ruby-dbus (< 0.15.0)
    gli (2.18.0)
    htmlentities (4.3.4)
    i18n (1.1.1)
      concurrent-ruby (~> 1.0)
    iso-639 (0.2.8)
    json (2.1.0)
    method_source (0.9.2)
    mini_portile2 (2.3.0)
    nokogiri (1.8.5)
      mini_portile2 (~> 2.3.0)
    parslet (1.8.2)
    pry (0.12.2)
      coderay (~> 1.1.0)
      method_source (~> 0.9.0)
    pry-byebug (3.6.0)
      byebug (~> 10.0)
      pry (~> 0.10)
    public_suffix (3.0.3)
    rack (1.6.11)
    rack-contrib (1.8.0)
      rack (~> 1.4)
    rack-protection (1.5.5)
      rack
    redcarpet (3.4.0)
    ruby-dbus (0.14.1)
    ruby-enum (0.7.2)
      i18n
    showoff (0.19.6)
      commonmarker
      fidget (>= 0.0.3)
      gli (>= 2.0)
      htmlentities
      i18n
      iso-639
      json
      nokogiri
      parslet
      rack-contrib
      redcarpet
      sinatra (~> 1.3)
      sinatra-websocket
      thin (~> 1.3)
      tilt (>= 2.0.3)
    sinatra (1.4.8)
      rack (~> 1.5)
      rack-protection (~> 1.4)
      tilt (>= 1.3, < 3)
    sinatra-websocket (0.3.1)
      em-websocket (~> 0.3.6)
      eventmachine
      thin (>= 1.3.1, < 2.0.0)
    thin (1.7.2)
      daemons (~> 1.0, >= 1.0.9)
      eventmachine (~> 1.0, >= 1.0.4)
      rack (>= 1, < 3)
    tilt (2.0.9)
    tty-tree (0.2.0)

PLATFORMS
  ruby

DEPENDENCIES
  pry-byebug
  showoff
  tty-tree

BUNDLED WITH
   1.17.1
